GEM
  remote: http://rubygems.org/
  specs:
    actionmailer (3.1.10)
      actionpack (= 3.1.10)
      mail (~> 2.3.3)
    actionpack (3.1.10)
      activemodel (= 3.1.10)
      activesupport (= 3.1.10)
      builder (~> 3.0.0)
      erubis (~> 2.7.0)
      i18n (~> 0.6)
      rack (~> 1.3.6)
      rack-cache (~> 1.2)
      rack-mount (~> 0.8.2)
      rack-test (~> 0.6.1)
      sprockets (~> 2.0.4)
    activemodel (3.1.10)
      activesupport (= 3.1.10)
      builder (~> 3.0.0)
      i18n (~> 0.6)
    activerecord (3.1.10)
      activemodel (= 3.1.10)
      activesupport (= 3.1.10)
      arel (~> 2.2.3)
      tzinfo (~> 0.3.29)
    activeresource (3.1.10)
      activemodel (= 3.1.10)
      activesupport (= 3.1.10)
    activesupport (3.1.10)
      multi_json (>= 1.0, < 1.3)
    anjlab-bootstrap-rails (2.2.2.1)
      railties (>= 3.0)
      sass (>= 3.2)
    arel (2.2.3)
    builder (3.0.4)
    campaign_cash (2.5)
      json
    chunky_png (1.2.7)
    coffee-rails (3.1.1)
      coffee-script (>= 2.2.0)
      railties (~> 3.1.0)
    coffee-script (2.2.0)
      coffee-script-source
      execjs
    coffee-script-source (1.4.0)
    compass (0.12.2)
      chunky_png (~> 1.2)
      fssm (>= 0.2.7)
      sass (~> 3.1)
    erubis (2.7.0)
    execjs (1.4.0)
      multi_json (~> 1.0)
    fastercsv (1.5.5)
    fech (1.3.1)
      fastercsv
      people
    fssm (0.2.9)
    hike (1.2.1)
    i18n (0.6.1)
    jquery-rails (2.1.4)
      railties (>= 3.0, < 5.0)
      thor (>= 0.14, < 2.0)
    json (1.7.6)
    mail (2.3.3)
      i18n (>= 0.4.0)
      mime-types (~> 1.16)
      treetop (~> 1.4.8)
    mime-types (1.19)
    multi_json (1.2.0)
    people (0.2.1)
    pg (0.14.1)
    polyglot (0.3.3)
    rack (1.3.8)
    rack-cache (1.2)
      rack (>= 0.4)
    rack-mount (0.8.3)
      rack (>= 1.0.0)
    rack-ssl (1.3.2)
      rack
    rack-test (0.6.2)
      rack (>= 1.0)
    rails (3.1.10)
      actionmailer (= 3.1.10)
      actionpack (= 3.1.10)
      activerecord (= 3.1.10)
      activeresource (= 3.1.10)
      activesupport (= 3.1.10)
      bundler (~> 1.0)
      railties (= 3.1.10)
    railties (3.1.10)
      actionpack (= 3.1.10)
      activesupport (= 3.1.10)
      rack-ssl (~> 1.3.2)
      rake (>= 0.8.7)
      rdoc (~> 3.4)
      thor (~> 0.14.6)
    rake (10.0.3)
    rdoc (3.12)
      json (~> 1.4)
    sass (3.2.5)
    sass-rails (3.1.6)
      actionpack (~> 3.1.0)
      railties (~> 3.1.0)
      sass (>= 3.1.10)
      tilt (~> 1.3.2)
    sprockets (2.0.4)
      hike (~> 1.2)
      rack (~> 1.0)
      tilt (~> 1.1, != 1.3.0)
    sqlite3 (1.3.6)
    thor (0.14.6)
    tilt (1.3.3)
    treetop (1.4.12)
      polyglot
      polyglot (>= 0.3.1)
    tzinfo (0.3.35)
    uglifier (1.3.0)
      execjs (>= 0.3.0)
      multi_json (~> 1.0, >= 1.0.2)

PLATFORMS
  ruby

DEPENDENCIES
  anjlab-bootstrap-rails
  campaign_cash (>= 2.0.3)
  coffee-rails
  compass
  fech (>= 1.0.1)
  jquery-rails (>= 1.0.12)
  pg
  rails (= 3.1.10)
  sass-rails (~> 3.1.0)
  sqlite3
  uglifier
